GEM
  remote: https://rubygems.org/
  specs:
    carnelian (1.0.0)
    mini_portile2 (2.0.0)
    nokogiri (1.6.7.2)
      mini_portile2 (~> 2.0.0.rc2)

PLATFORMS
  ruby

DEPENDENCIES
  carnelian
  nokogiri

BUNDLED WITH
   1.12.0
